GEM
  remote: https://rubygems.org/
  specs:
    addressable (2.3.6)
    cookiejar (0.3.2)
    em-http-request (1.1.2)
      addressable (>= 2.3.4)
      cookiejar
      em-socksify (>= 0.3)
      eventmachine (>= 1.0.3)
      http_parser.rb (>= 0.6.0)
    em-socksify (0.3.0)
      eventmachine (>= 1.0.0.beta.4)
    eventmachine (1.0.3-java)
    faye (1.0.1)
      cookiejar (>= 0.3.0)
      em-http-request (>= 0.3.0)
      eventmachine (>= 0.12.0)
      faye-websocket (>= 0.7.0)
      multi_json (>= 1.0.0)
      rack (>= 1.0.0)
      websocket-driver (>= 0.3.0)
    faye-websocket (0.7.4)
      eventmachine (>= 0.12.0)
      websocket-driver (>= 0.3.1)
    http_parser.rb (0.6.0-java)
    multi_json (1.10.1)
    puma (2.8.2-java)
      rack (>= 1.1, < 2.0)
    rack (1.5.2)
    websocket-driver (0.3.4-java)

PLATFORMS
  java

DEPENDENCIES
  eventmachine
  faye
  puma
